PATH
  remote: .
  specs:
    fluent-plugin-pgsql_fingerprint (0.0.1)
      fluentd (~> 0.14)
      pg_query (~> 0.11)

GEM
  remote: https://rubygems.org/
  specs:
    codeclimate-test-reporter (1.0.7)
      simplecov
    cool.io (1.4.6)
    docile (1.1.5)
    fluentd (0.14.14)
      cool.io (~> 1.4.5)
      http_parser.rb (>= 0.5.1, < 0.7.0)
      msgpack (>= 0.7.0, < 2.0.0)
      serverengine (>= 2.0.4, < 3.0.0)
      sigdump (~> 0.2.2)
      strptime (~> 0.1.7)
      tzinfo (~> 1.0)
      tzinfo-data (~> 1.0)
      yajl-ruby (~> 1.0)
    http_parser.rb (0.6.0)
    json (2.0.3)
    msgpack (1.1.0)
    pg_query (0.11.4)
      json (>= 1.8, < 3)
    power_assert (1.0.1)
    rake (12.0.0)
    serverengine (2.0.5)
      sigdump (~> 0.2.2)
    sigdump (0.2.4)
    simplecov (0.14.1)
      docile (~> 1.1.0)
      json (>= 1.8, < 3)
      simplecov-html (~> 0.10.0)
    simplecov-html (0.10.0)
    strptime (0.1.9)
    test-unit (3.2.3)
      power_assert
    thread_safe (0.3.6)
    tzinfo (1.2.3)
      thread_safe (~> 0.1)
    tzinfo-data (1.2017.2)
      tzinfo (>= 1.0.0)
    yajl-ruby (1.3.0)

PLATFORMS
  ruby

DEPENDENCIES
  bundler (~> 1.13)
  codeclimate-test-reporter (~> 1.0.0)
  fluent-plugin-pgsql_fingerprint!
  rake (~> 12.0)
  simplecov
  test-unit (~> 3.2)

BUNDLED WITH
   1.14.6
